GEM
  remote: https://rubygems.org/
  specs:
    coderay (1.1.1)
    method_source (0.8.2)
    pdf-core (0.7.0)
    prawn (2.2.2)
      pdf-core (~> 0.7.0)
      ttfunk (~> 1.5)
    pry (0.10.4)
      coderay (~> 1.1.0)
      method_source (~> 0.8.1)
      slop (~> 3.4)
    slop (3.6.0)
    ttfunk (1.5.1)

PLATFORMS
  ruby

DEPENDENCIES
  prawn
  pry

RUBY VERSION
   ruby 2.4.1p111

BUNDLED WITH
   1.15.1
